{
    "TaskName": "STERNBERG",
    "Manufacturer": "Brain Products",
    "PowerLineFrequency": 50.0,
    "SamplingFrequency": 1000.0,
    "SoftwareFilters": "n/a",
    "RecordingDuration": 1100.949,
    "RecordingType": "continuous",
    "EEGReference": "FCz",
    "EEGGround": "FPz",
    "EEGPlacementScheme": "based on the extended 10/20 system",
    "EEGChannelCount": 63,
    "EOGChannelCount": 0,
    "ECGChannelCount": 0,
    "EMGChannelCount": 0,
    "MiscChannelCount": 0,
    "TriggerChannelCount": 0
}
